PATH
  remote: .
  specs:
    active_file (0.0.1)

GEM
  remote: https://rubygems.org/
  specs:

PLATFORMS
  ruby

DEPENDENCIES
  active_file!
